GEM
  remote: https://rubygems.org/
  specs:
    aws-sdk (2.10.123)
      aws-sdk-resources (= 2.10.123)
    aws-sdk-core (2.10.123)
      aws-sigv4 (~> 1.0)
      jmespath (~> 1.0)
    aws-sdk-resources (2.10.123)
      aws-sdk-core (= 2.10.123)
    aws-sigv4 (1.0.2)
    colored (1.2)
    configure-s3-website (2.3.0)
      aws-sdk (~> 2)
      deep_merge (~> 1.0.0)
    deep_merge (1.0.1)
    dotenv (1.0.2)
    jmespath (1.6.1)
    s3_website (3.4.0)
      colored (= 1.2)
      configure-s3-website (= 2.3.0)
      dotenv (~> 1.0)
      thor (~> 0.18)
    thor (0.20.0)

PLATFORMS
  ruby

DEPENDENCIES
  s3_website

BUNDLED WITH
   1.15.4
